GEM
  remote: https://rubygems.org/
  specs:
    bar-of-progress (0.1.1)
    thor (0.19.1)

PLATFORMS
  ruby

DEPENDENCIES
  bar-of-progress
  thor
